PATH
  remote: .
  specs:
    corundum (0.4.1)
      bundler
      caliph (~> 0.3)
      mattock (~> 0.9)
      paint (~> 0.8.7)
      rspec (>= 2.0)
      simplecov (>= 0.5.4)
      simplecov-json (>= 0.2)
    corundum-docs (0.3.9)
      bundler
      caliph (~> 0.3)
      compass (>= 0.12.1)
      mailfactory (~> 1.4.0)
      mattock (~> 0.8)
      nokogiri
      paint (~> 0.8.7)
      rdoc
      rspec (>= 2.0)
      simplecov (>= 0.5.4)
      yard

GEM
  remote: https://rubygems.org/
  specs:
    cadre (1.0.1)
      thor (>= 0.14, < 1.0)
      tilt (> 1.0)
      valise (~> 1.1.2)
    caliph (0.3.1)
    chunky_png (1.3.1)
    compass (1.0.0)
      chunky_png (~> 1.2)
      compass-core (~> 1.0.0)
      compass-import-once (~> 1.0.5)
      rb-fsevent (>= 0.9.3)
      rb-inotify (>= 0.9)
      sass (>= 3.3.13, < 3.5)
    compass-core (1.0.0)
      multi_json (~> 1.0)
      sass (>= 3.3.0, < 3.5)
    compass-import-once (1.0.5)
      sass (>= 3.2, < 3.5)
    diff-lcs (1.2.5)
    docile (1.1.5)
    ffi (1.9.3)
    fuubar (2.0.0)
      rspec (~> 3.0)
      ruby-progressbar (~> 1.4)
    json (1.8.1)
    mailfactory (1.4.0)
      mime-types (>= 1.13.1)
    mattock (0.9.0)
      caliph (~> 0.3.1)
      rake (~> 10.0)
      tilt (> 0)
      valise (~> 1.1.1)
    mime-types (2.3)
    mini_portile (0.6.0)
    multi_json (1.10.1)
    nokogiri (1.6.3.1)
      mini_portile (= 0.6.0)
    paint (0.8.7)
    rake (10.3.2)
    rb-fsevent (0.9.4)
    rb-inotify (0.9.5)
      ffi (>= 0.5.0)
    rdoc (4.1.1)
      json (~> 1.4)
    rspec (3.3.0)
      rspec-core (~> 3.3.0)
      rspec-expectations (~> 3.3.0)
      rspec-mocks (~> 3.3.0)
    rspec-core (3.3.1)
      rspec-support (~> 3.3.0)
    rspec-expectations (3.3.0)
      diff-lcs (>= 1.2.0, < 2.0)
      rspec-support (~> 3.3.0)
    rspec-mocks (3.3.1)
      diff-lcs (>= 1.2.0, < 2.0)
      rspec-support (~> 3.3.0)
    rspec-support (3.3.0)
    ruby-progressbar (1.7.5)
    sass (3.3.14)
    simplecov (0.9.0)
      docile (~> 1.1.0)
      multi_json
      simplecov-html (~> 0.8.0)
    simplecov-html (0.8.0)
    simplecov-json (0.2)
      json
      simplecov
    thor (0.19.1)
    tilt (2.0.1)
    valise (1.1.2)
    yard (0.8.7.4)

PLATFORMS
  ruby

DEPENDENCIES
  cadre
  corundum!
  corundum-docs!
  fuubar
  rspec
